GEM
  remote: https://rubygems.org/
  specs:
    coderay (1.1.0)
    daemons (1.2.2)
    dotenv (2.0.1)
    eventmachine (1.0.7)
    haml (4.0.6)
      tilt
    matest (1.6.7)
      sorcerer (~> 1.0.2)
      term-ansicolor (~> 1.3.0)
    method_source (0.8.2)
    pessimize (0.1.0)
      bundler
      trollop
    pry (0.10.1)
      coderay (~> 1.1.0)
      method_source (~> 0.8.1)
      slop (~> 3.4)
    rack (1.6.1)
    rake (10.4.2)
    roda (2.3.0)
      rack
    slop (3.6.0)
    sorcerer (1.0.2)
    term-ansicolor (1.3.0)
      tins (~> 1.0)
    thin (1.6.3)
      daemons (~> 1.0, >= 1.0.9)
      eventmachine (~> 1.0)
      rack (~> 1.0)
    tilt (2.0.1)
    tins (1.5.1)
    trollop (2.1.2)

PLATFORMS
  ruby

DEPENDENCIES
  dotenv
  haml (~> 4.0.6)
  matest (~> 1.6.7)
  pessimize (~> 0.1.0)
  pry (~> 0.10.1)
  rake (~> 10.4.2)
  roda (~> 2.3.0)
  thin (~> 1.6.3)
