GEM
  remote: https://rubygems.org/
  specs:
    callable (0.0.3)
    celluloid (0.16.0)
      timers (~> 4.0.0)
    coderay (1.1.0)
    daemons (1.2.2)
    dotenv (2.0.1)
    em-websocket (0.5.1)
      eventmachine (>= 0.12.9)
      http_parser.rb (~> 0.6.0)
    eventmachine (1.0.7)
    fattr (2.2.2)
    ffi (1.9.8)
    formatador (0.2.5)
    guard (2.12.5)
      formatador (>= 0.2.4)
      listen (~> 2.7)
      lumberjack (~> 1.0)
      nenv (~> 0.1)
      notiffany (~> 0.0)
      pry (>= 0.9.12)
      shellany (~> 0.0)
      thor (>= 0.18.1)
    guard-livereload (2.4.0)
      em-websocket (~> 0.5)
      guard (~> 2.8)
      multi_json (~> 1.8)
    guard-rack (2.1.1)
      ffi
      guard (~> 2.3)
      spoon
    haml (4.0.6)
      tilt
    hitimes (1.2.2)
    http_parser.rb (0.6.0)
    listen (2.10.0)
      celluloid (~> 0.16.0)
      rb-fsevent (>= 0.9.3)
      rb-inotify (>= 0.9)
    lumberjack (1.0.9)
    matest (1.6.7)
      sorcerer (~> 1.0.2)
      term-ansicolor (~> 1.3.0)
    method_source (0.8.2)
    multi_json (1.11.0)
    mystique (0.5.1)
      callable
      string_plus
    nenv (0.2.0)
    notiffany (0.0.6)
      nenv (~> 0.1)
      shellany (~> 0.0)
    pessimize (0.1.0)
      bundler
      trollop
    pry (0.10.1)
      coderay (~> 1.1.0)
      method_source (~> 0.8.1)
      slop (~> 3.4)
    rack (1.6.1)
    rake (10.4.2)
    rb-fsevent (0.9.5)
    rb-inotify (0.9.5)
      ffi (>= 0.5.0)
    roda (2.3.0)
      rack
    sass (3.4.13)
    shellany (0.0.1)
    slop (3.6.0)
    sorcerer (1.0.2)
    spoon (0.0.4)
      ffi
    string_plus (0.4.1)
    term-ansicolor (1.3.0)
      tins (~> 1.0)
    thin (1.6.3)
      daemons (~> 1.0, >= 1.0.9)
      eventmachine (~> 1.0)
      rack (~> 1.0)
    thor (0.19.1)
    tilt (2.0.1)
    timers (4.0.1)
      hitimes
    tins (1.5.1)
    trollop (2.1.2)

PLATFORMS
  ruby

DEPENDENCIES
  dotenv (~> 2.0.1)
  fattr (~> 2.2.2)
  guard (~> 2.12.5)
  guard-livereload (~> 2.4.0)
  guard-rack (~> 2.1.1)
  haml (~> 4.0.6)
  matest (~> 1.6.7)
  mystique (~> 0.5.1)
  pessimize (~> 0.1.0)
  pry (~> 0.10.1)
  rake (~> 10.4.2)
  roda (~> 2.3.0)
  sass (~> 3.4.13)
  string_plus (~> 0.4.1)
  thin (~> 1.6.3)
